GEM
  remote: https://rubygems.org/
  specs:
    ffi (1.15.4)
    get_process_mem (0.2.7)
      ffi (~> 1.0)

PLATFORMS
  arm64-darwin-20

DEPENDENCIES
  get_process_mem

BUNDLED WITH
   2.2.23
